GEM
  remote: https://rubygems.org/
  specs:
    rufo (0.18.0)

PLATFORMS
  ruby
  x86_64-linux

DEPENDENCIES
  rufo

BUNDLED WITH
   2.6.2
